GEM
  remote: http://rubygems.org/
  specs:
    addressable (2.2.4)
    directory_watcher (1.3.2)
    em-websocket (0.2.0)
      addressable (>= 2.1.1)
      eventmachine (>= 0.12.9)
    eventmachine (0.12.10)
    git (1.2.5)
    jeweler (1.5.2)
      bundler (~> 1.0.0)
      git (>= 1.2.5)
      rake
    rake (0.8.7)
    rcov (0.9.9)
    shoulda (2.11.3)

PLATFORMS
  ruby

DEPENDENCIES
  bundler (~> 1.0.0)
  directory_watcher
  em-websocket
  jeweler (~> 1.5.2)
  rcov
  shoulda
